GEM
  remote: https://rubygems.org/
  specs:
    Kokokusinsiyamahe (0.0.3)
      Untoutiyaumahe (~> 0.0, >= 0.0.0)
    Otohatiyau (0.0.2)
    Untoutiyaumahe (0.0.3)
    power_assert (1.1.3)
    test-unit (3.2.8)
      power_assert

PLATFORMS
  ruby

DEPENDENCIES
  Kokokusinsiyamahe
  Otohatiyau
  test-unit

BUNDLED WITH
   1.16.1
